##TITLE= Parameter file, TOPSPIN		Version 3.2
##JCAMPDX= 5.0
##DATATYPE= Parameter Values
##NPOINTS= 4022	$$ modification sequence number
##ORIGIN= Bruker BioSpin GmbH
##OWNER= nmrsu
$$ 2013-11-25 17:51:30.495 +0000  nmrsu@bionmr600
$$ /opt/topspin3.2/conf/instr/spect/specpar
$$ process /opt/topspin3.2/prog/mod/cprserver
##$ANCIEN= (0..7)
0 0 0 0 0 0 0 0
##$BF1= 100.13
##$BF2= 100.13
##$BF3= 100.13
##$DEC= 1
##$DECB= 1
##$DEF19F= yes
##$DEFRSEL= yes
##$HPMOD= (0..7)
0 0 0 0 0 0 0 0
##$HPPRECH= (0..15)
-1 -1 -1 -1 -1 -1 -1 -1 -1 -1 -1 -1 -1 -1 -1 -1
##$LOCSW19F= -1
##$LOCSW2H= -1
##$NUC1= 1
##$NUC2= 0
##$NUC3= 0
##$NUC4= 0
##$NUC5= 0
##$NUC6= 0
##$NUC7= 0
##$NUC8= 0
##$NUCARR= (0..123)
600.01 600.01 92.105188 457.08424 639.99451 88.297988 233.186668 84.312283
64.463022 192.507052 150.872635 43.344032 60.798485 81.340098 564.573475
47.366565 158.714045 36.730422 156.34376 119.205109 242.8885 46.056768
58.788434 48.935166 27.998705 15.368086 40.380847 145.752911 33.825768
33.834786 59.822851 157.820318 33.915541 148.737787 19.426992 142.364817
53.6172 159.09549 170.424998 37.541444 144.010524 182.983274 20.930239
102.737396 114.430985 150.326385 31.306854 162.041809 23.085985 57.930623
196.325996 26.003365 29.401678 55.778718 146.859468 39.102208 39.922835
27.631367 135.052207 30.96873 19.119001 27.457058 24.287319 27.921663 127.295002
133.161269 131.196717 131.477965 196.315766 213.797117 223.747521 143.585855
77.756598 157.021069 189.301769 120.046917 166.863897 49.46435 78.698164
59.607735 66.678679 79.167119 84.755259 183.723062 32.700545 20.160336
25.020417 20.640344 149.162486 65.881098 18.420307 24.180403 144.242404
20.640344 28.920482 128.042134 17.280288 49.740829 104.997586 28.926482
68.42514 48.786813 24.042401 15.102252 71.938799 24.998739 135.149852 13.694214
136.511875 46.593177 10.308172 11.226187 128.982854 10.374173 107.466723
39.670159 342.744912 346.108796 125.525686 96.417335 11.048584 100 100
100
##$OBS= 1
##$OFFSF= (0..7)
-35568.0999999777 0 0 0 0 0 0 0
##$OFFSH= (0..7)
2821.00000003993 1608.60000005414 0 0 0 0 0 0
##$OFFSX= (0..7)
7468.19999999815 4255.90000000398 0 0 0 0 0 0
##$OFFSXAS= (0..7)
0 0 0 0 0 0 0 0
##$OFSF1= 0
##$OFSF2= 0
##$OFSH1= 0
##$OFSH2= 0
##$OFSH3= 0
##$OFSX1= 0
##$OFSX2= 0
##$OFSY= 0
##$PACOIL= (0..15)
0 0 0 0 0 0 0 0 0 0 0 0 0 0 0 0
##$PRECHAN= (0..15)
-1 3 0 1 4 -1 -1 -1 -1 -1 -1 -1 -1 -1 -1 -1
##$RECPRE= (0..15)
-1 0 -1 -1 -1 -1 -1 -1 -1 -1 -1 -1 -1 -1 -1 -1
##$RECSEL= (0..15)
0 0 0 0 1 0 0 0 0 0 0 0 0 0 0 0
##$SELREC= (0..9)
0 0 0 0 0 0 0 0 0 0
##$SFO1= 600.012821
##$SFO2= 600.013705
##$SFO3= 600.013705
##$SFO4= 600.013705
##$SFO5= 600.013705
##$SFO6= 600.013705
##$SFO7= 600.013705
##$SFO8= 600.013705
##$TY= (0..123)
0 0 0 0 0 0 0 0 0 0 0 0 0 0 0 0 0 0 0 0 0 0 0 0 0 0 0 0 0 0 0 0 0 0 0 0
0 0 0 0 0 0 0 0 0 0 0 0 0 0 0 0 0 0 0 0 0 0 0 0 0 0 0 0 0 0 0 0 0 0 0 0
0 0 0 0 0 0 0 0 0 0 0 0 0 0 0 0 0 0 0 0 0 0 0 0 0 0 0 0 0 0 0 0 0 0 0 0
0 0 0 0 0 0 0 0 0 0 0 0 0 0 0 0
##END=
